GIT
  remote: git://github.com/integrallis/refinerycms.git
  revision: bce9a3d8053d303181e2a67a90ae927b487de238
  specs:
    refinerycms (0.9.9.16)
      bundler (~> 1.0)
      refinerycms-authentication (= 0.9.9.16)
      refinerycms-base (= 0.9.9.16)
      refinerycms-core (= 0.9.9.16)
      refinerycms-dashboard (= 0.9.9.16)
      refinerycms-images (= 0.9.9.16)
      refinerycms-pages (= 0.9.9.16)
      refinerycms-resources (= 0.9.9.16)
      refinerycms-settings (= 0.9.9.16)
    refinerycms-authentication (0.9.9.16)
      devise (~> 1.2.0)
      refinerycms-core (= 0.9.9.16)
    refinerycms-base (0.9.9.16)
    refinerycms-core (0.9.9.16)
      acts_as_indexed (~> 0.7)
      friendly_id_globalize3 (~> 3.2.1)
      globalize3 (>= 0.1.0.beta)
      moretea-awesome_nested_set (~> 1.4)
      rails (~> 3.0.6)
      rdoc (>= 2.5.11)
      refinerycms-base (= 0.9.9.16)
      refinerycms-generators (~> 1.0)
      refinerycms-settings (= 0.9.9.16)
      truncate_html (~> 0.5)
      will_paginate (~> 3.0.pre)
    refinerycms-dashboard (0.9.9.16)
      refinerycms-core (= 0.9.9.16)
    refinerycms-images (0.9.9.16)
      dragonfly (~> 0.8.2)
      rack-cache (>= 0.5.3)
      refinerycms-core (= 0.9.9.16)
    refinerycms-pages (0.9.9.16)
      refinerycms-core (= 0.9.9.16)
      seo_meta (~> 1.0.3)
    refinerycms-resources (0.9.9.16)
      dragonfly (~> 0.8.2)
      rack-cache (>= 0.5.3)
      refinerycms-core (= 0.9.9.16)
    refinerycms-settings (0.9.9.16)
      refinerycms-base (= 0.9.9.16)

GEM
  remote: https://rubygems.org/
  specs:
    abstract (1.0.0)
    actionmailer (3.0.7)
      actionpack (= 3.0.7)
      mail (~> 2.2.15)
    actionpack (3.0.7)
      activemodel (= 3.0.7)
      activesupport (= 3.0.7)
      builder (~> 2.1.2)
      erubis (~> 2.6.6)
      i18n (~> 0.5.0)
      rack (~> 1.2.1)
      rack-mount (~> 0.6.14)
      rack-test (~> 0.5.7)
      tzinfo (~> 0.3.23)
    activemodel (3.0.7)
      activesupport (= 3.0.7)
      builder (~> 2.1.2)
      i18n (~> 0.5.0)
    activerecord (3.0.7)
      activemodel (= 3.0.7)
      activesupport (= 3.0.7)
      arel (~> 2.0.2)
      tzinfo (~> 0.3.23)
    activeresource (3.0.7)
      activemodel (= 3.0.7)
      activesupport (= 3.0.7)
    activesupport (3.0.7)
    acts_as_indexed (0.8.3)
    arel (2.0.10)
    aws-s3 (0.6.3)
      builder
      mime-types
      xml-simple
    babosa (0.3.11)
    bcrypt-ruby (2.1.4)
    builder (2.1.2)
    devise (1.2.1)
      bcrypt-ruby (~> 2.1.2)
      orm_adapter (~> 0.0.3)
      warden (~> 1.0.3)
    dragonfly (0.8.6)
      rack
    erubis (2.6.6)
      abstract (>= 1.0.0)
    excon (0.40.0)
    filters_spam (0.4)
    fog (1.24.0)
      fog-brightbox
      fog-core (~> 1.23)
      fog-json
      fog-radosgw (>= 0.0.2)
      fog-sakuracloud (>= 0.0.4)
      fog-softlayer
      ipaddress (~> 0.5)
      nokogiri (~> 1.5, >= 1.5.11)
    fog-brightbox (0.6.1)
      fog-core (~> 1.22)
      fog-json
      inflecto
    fog-core (1.24.0)
      builder
      excon (~> 0.38)
      formatador (~> 0.2)
      mime-types
      net-scp (~> 1.1)
      net-ssh (>= 2.1.3)
    fog-json (1.0.0)
      multi_json (~> 1.0)
    fog-radosgw (0.0.3)
      fog-core (>= 1.21.0)
      fog-json
      fog-xml (>= 0.0.1)
    fog-sakuracloud (0.1.1)
      fog-core
      fog-json
    fog-softlayer (0.3.21)
      fog-core
      fog-json
    fog-xml (0.1.0)
      fog-core
      nokogiri (~> 1.5, >= 1.5.11)
    formatador (0.2.5)
    friendly_id_globalize3 (3.2.1.6)
      babosa (~> 0.3.0)
    globalize3 (0.3.1)
      activemodel (>= 3.0.0)
      activerecord (>= 3.0.0)
      paper_trail (~> 2)
    i18n (0.5.4)
    inflecto (0.0.2)
    ipaddress (0.8.0)
    json (1.8.1)
    kgio (2.9.2)
    mail (2.2.20)
      activesupport (>= 2.3.6)
      i18n (>= 0.4.0)
      mime-types (~> 1.16)
      treetop (~> 1.4.8)
    mime-types (1.25.1)
    mini_portile (0.6.0)
    moretea-awesome_nested_set (1.4.3.1)
      activerecord (~> 3.0.0)
    multi_json (1.10.1)
    net-scp (1.2.1)
      net-ssh (>= 2.6.5)
    net-ssh (2.9.1)
    nokogiri (1.6.3.1)
      mini_portile (= 0.6.0)
    orm_adapter (0.0.7)
    paper_trail (2.7.2)
      activerecord (~> 3.0)
      railties (~> 3.0)
    pg (0.17.1)
    polyglot (0.3.5)
    rack (1.2.8)
    rack-cache (1.2)
      rack (>= 0.4)
    rack-mount (0.6.14)
      rack (>= 1.0.0)
    rack-test (0.5.7)
      rack (>= 1.0)
    rails (3.0.7)
      actionmailer (= 3.0.7)
      actionpack (= 3.0.7)
      activerecord (= 3.0.7)
      activeresource (= 3.0.7)
      activesupport (= 3.0.7)
      bundler (~> 1.0)
      railties (= 3.0.7)
    rails_12factor (0.0.3)
      rails_serve_static_assets
      rails_stdout_logging
    rails_serve_static_assets (0.0.2)
    rails_stdout_logging (0.0.3)
    railties (3.0.7)
      actionpack (= 3.0.7)
      activesupport (= 3.0.7)
      rake (>= 0.8.7)
      thor (~> 0.14.4)
    raindrops (0.13.0)
    rake (0.9.2.2)
    rdoc (4.1.2)
      json (~> 1.4)
    recaptcha (0.3.6)
    refinerycms-blog (1.3.2)
      filters_spam (~> 0.2)
      refinerycms (>= 0.9.8)
    refinerycms-generators (1.0.4)
    refinerycms-i18n (0.9.9.16)
      refinerycms-core (>= 0.9.9.12)
      routing-filter (>= 0.2.3)
    refinerycms-inquiries (0.9.9.9)
      filters_spam (~> 0.2)
    refinerycms-news (1.1.0)
      refinerycms-core (~> 0.9.9.15)
    refinerycms-page-images (1.0.3)
      refinerycms (>= 0.9.9)
    refinerycms-portfolio (0.9.10)
      refinerycms (>= 0.9.9)
    refinerycms-search (0.9.8)
      refinerycms (>= 0.9.8)
    refinerycms-theming (1.0.1)
      refinerycms-core (>= 0.9.9.15)
    routing-filter (0.3.1)
      actionpack
    seo_meta (1.0.7)
      refinerycms-generators (~> 1.0.1)
    thor (0.14.6)
    treetop (1.4.15)
      polyglot
      polyglot (>= 0.3.1)
    truncate_html (0.9.3)
    tzinfo (0.3.41)
    unicorn (4.8.3)
      kgio (~> 2.6)
      rack
      raindrops (~> 0.7)
    warden (1.0.6)
      rack (>= 1.0)
    will_paginate (3.0.7)
    xml-simple (1.1.4)

PLATFORMS
  ruby

DEPENDENCIES
  aws-s3
  fog
  pg
  rails (= 3.0.7)
  rails_12factor
  rake (= 0.9.2.2)
  recaptcha (~> 0.3.4)
  refinerycms!
  refinerycms-blog (~> 1.3)
  refinerycms-i18n (~> 0.9.9.16)
  refinerycms-inquiries (~> 0.9)
  refinerycms-news (~> 1.0)
  refinerycms-page-images (= 1.0.3)
  refinerycms-portfolio (~> 0.9.9)
  refinerycms-search (~> 0.9.8)
  refinerycms-theming (~> 1.0)
  unicorn
