GEM
  remote: http://rubygems.org/
  specs:
    abstract (1.0.0)
    actionmailer (3.0.19)
      actionpack (= 3.0.19)
      mail (~> 2.2.19)
    actionpack (3.0.19)
      activemodel (= 3.0.19)
      activesupport (= 3.0.19)
      builder (~> 2.1.2)
      erubis (~> 2.6.6)
      i18n (~> 0.5.0)
      rack (~> 1.2.5)
      rack-mount (~> 0.6.14)
      rack-test (~> 0.5.7)
      tzinfo (~> 0.3.23)
    activemodel (3.0.19)
      activesupport (= 3.0.19)
      builder (~> 2.1.2)
      i18n (~> 0.5.0)
    activerecord (3.0.19)
      activemodel (= 3.0.19)
      activesupport (= 3.0.19)
      arel (~> 2.0.10)
      tzinfo (~> 0.3.23)
    activeresource (3.0.19)
      activemodel (= 3.0.19)
      activesupport (= 3.0.19)
    activesupport (3.0.19)
    acts_as_indexed (0.7.2)
    arel (2.0.10)
    aws-s3 (0.6.2)
      builder
      mime-types
      xml-simple
    babosa (0.3.4)
    bcrypt-ruby (2.1.4)
    builder (2.1.2)
    devise (1.2.1)
      bcrypt-ruby (~> 2.1.2)
      orm_adapter (~> 0.0.3)
      warden (~> 1.0.3)
    dragonfly (0.8.5)
      rack
    erubis (2.6.6)
      abstract (>= 1.0.0)
    excon (0.6.3)
    filters_spam (0.3)
    fog (0.8.1)
      builder
      excon (~> 0.6.1)
      formatador (>= 0.1.3)
      json
      mime-types
      net-ssh (>= 2.1.3)
      nokogiri (>= 1.4.4)
      ruby-hmac
    formatador (0.1.3)
    friendly_id_globalize3 (3.2.1.3)
      babosa (~> 0.3.0)
    globalize3 (0.1.0.beta)
      activemodel (>= 3.0.0)
      activerecord (>= 3.0.0)
    i18n (0.5.0)
    json (1.5.1)
    mail (2.2.19)
      activesupport (>= 2.3.6)
      i18n (>= 0.4.0)
      mime-types (~> 1.16)
      treetop (~> 1.4.8)
    mime-types (1.19)
    moretea-awesome_nested_set (1.4.3.1)
      activerecord (~> 3.0.0)
    net-ssh (2.1.4)
    nokogiri (1.4.4)
    orm_adapter (0.0.5)
    polyglot (0.3.3)
    rack (1.2.6)
    rack-cache (1.0.1)
      rack (>= 0.4)
    rack-mount (0.6.14)
      rack (>= 1.0.0)
    rack-test (0.5.7)
      rack (>= 1.0)
    rails (3.0.19)
      actionmailer (= 3.0.19)
      actionpack (= 3.0.19)
      activerecord (= 3.0.19)
      activeresource (= 3.0.19)
      activesupport (= 3.0.19)
      bundler (~> 1.0)
      railties (= 3.0.19)
    railties (3.0.19)
      actionpack (= 3.0.19)
      activesupport (= 3.0.19)
      rake (>= 0.8.7)
      rdoc (~> 3.4)
      thor (~> 0.14.4)
    rake (10.0.3)
    rdoc (3.5.3)
    recaptcha (0.3.4)
    refinerycms (0.9.9.16)
      bundler (~> 1.0)
      refinerycms-authentication (= 0.9.9.16)
      refinerycms-base (= 0.9.9.16)
      refinerycms-core (= 0.9.9.16)
      refinerycms-dashboard (= 0.9.9.16)
      refinerycms-images (= 0.9.9.16)
      refinerycms-pages (= 0.9.9.16)
      refinerycms-resources (= 0.9.9.16)
      refinerycms-settings (= 0.9.9.16)
    refinerycms-authentication (0.9.9.16)
      devise (~> 1.2.0)
      refinerycms-core (= 0.9.9.16)
    refinerycms-base (0.9.9.16)
    refinerycms-blog (1.3.2)
      filters_spam (~> 0.2)
      refinerycms (>= 0.9.8)
    refinerycms-core (0.9.9.16)
      acts_as_indexed (~> 0.7)
      friendly_id_globalize3 (~> 3.2.1)
      globalize3 (>= 0.1.0.beta)
      moretea-awesome_nested_set (~> 1.4)
      rails (~> 3.0.6)
      rdoc (>= 2.5.11)
      refinerycms-base (= 0.9.9.16)
      refinerycms-generators (~> 1.0)
      refinerycms-settings (= 0.9.9.16)
      truncate_html (~> 0.5)
      will_paginate (~> 3.0.pre)
    refinerycms-dashboard (0.9.9.16)
      refinerycms-core (= 0.9.9.16)
    refinerycms-generators (1.0.1)
    refinerycms-i18n (0.9.9.16)
      refinerycms-core (>= 0.9.9.12)
      routing-filter (>= 0.2.3)
    refinerycms-images (0.9.9.16)
      dragonfly (~> 0.8.2)
      rack-cache (>= 0.5.3)
      refinerycms-core (= 0.9.9.16)
    refinerycms-inquiries (0.9.9.9)
      filters_spam (~> 0.2)
    refinerycms-news (1.1.0)
      refinerycms-core (~> 0.9.9.15)
    refinerycms-page-images (1.0.3)
      refinerycms (>= 0.9.9)
    refinerycms-pages (0.9.9.16)
      refinerycms-core (= 0.9.9.16)
      seo_meta (~> 1.0.3)
    refinerycms-portfolio (0.9.9)
      refinerycms (>= 0.9.8)
    refinerycms-resources (0.9.9.16)
      dragonfly (~> 0.8.2)
      rack-cache (>= 0.5.3)
      refinerycms-core (= 0.9.9.16)
    refinerycms-search (0.9.8)
      refinerycms (>= 0.9.8)
    refinerycms-settings (0.9.9.16)
      refinerycms-base (= 0.9.9.16)
    refinerycms-theming (1.0.1)
      refinerycms-core (>= 0.9.9.15)
    routing-filter (0.2.3)
      actionpack
    ruby-hmac (0.4.0)
    seo_meta (1.0.7)
      refinerycms-generators (~> 1.0.1)
    sqlite3 (1.3.3)
    thor (0.14.6)
    treetop (1.4.12)
      polyglot
      polyglot (>= 0.3.1)
    truncate_html (0.5.1)
    tzinfo (0.3.35)
    warden (1.0.4)
      rack (>= 1.0)
    will_paginate (3.0.pre2)
    xml-simple (1.0.15)

PLATFORMS
  ruby

DEPENDENCIES
  aws-s3
  fog
  rails (= 3.0.19)
  recaptcha (~> 0.3.4)
  refinerycms (= 0.9.9.16)
  refinerycms-blog (~> 1.3)
  refinerycms-i18n (~> 0.9.9.16)
  refinerycms-inquiries (~> 0.9)
  refinerycms-news (~> 1.0)
  refinerycms-page-images (= 1.0.3)
  refinerycms-portfolio (~> 0.9.9)
  refinerycms-search (~> 0.9.8)
  refinerycms-theming (~> 1.0)
  sqlite3
